GEM
  remote: https://rubygems.org/
  specs:
    concurrent-ruby (1.1.5)
    mini_portile2 (2.8.0)
    nokogiri (1.13.5)
      mini_portile2 (~> 2.8.0)
      racc (~> 1.4)
    racc (1.6.0)

PLATFORMS
  ruby

DEPENDENCIES
  concurrent-ruby
  nokogiri

BUNDLED WITH
   2.0.1
