GEM
  remote: https://rubygems.org/
  specs:
    concurrent-ruby (1.1.5)
    mini_portile2 (2.4.0)
    nokogiri (1.10.3)
      mini_portile2 (~> 2.4.0)

PLATFORMS
  ruby

DEPENDENCIES
  concurrent-ruby
  nokogiri

BUNDLED WITH
   2.0.1
